ObjectType = Image
NDims = 2
BinaryData = True
BinaryDataByteOrderMSB = False
TransformMatrix = 1 0 0 1
ElementSpacing = 1 1
Offset = 0 0
DimSize = 128 128
ElementType = MET_UCHAR
ElementDataFile = RatLungSlice1.raw
